STORAGE: NONE
RESTRICTION: || (== netcoreapp3.0) (== netstandard2.0) (== netstandard2.1)
NUGET
  remote: https://api.nuget.org/v3/index.json
    Expecto (8.13.1)
      FSharp.Core (>= 4.3.4)
      Mono.Cecil (>= 0.11)
    FSharp.Core (4.7)
    FSharp.Json (0.4)
      FSharp.Core (>= 4.6.2)
    Mono.Cecil (0.11.1)
    Newtonsoft.Json (12.0.3)
GITHUB
  remote: Softwarepark/exercises
    transport-tycoon/trace/trace.py (dccb48f87de958a2d7eba4be90590b52fde91bb0)